GEM
  remote: https://rubygems.org/
  specs:
    active_record_lite (0.0.1)
      activesupport
      sqlite3
    activesupport (4.0.0)
      i18n (~> 0.6, >= 0.6.4)
      minitest (~> 4.2)
      multi_json (~> 1.3)
      thread_safe (~> 0.1)
      tzinfo (~> 0.3.37)
    atomic (1.1.14)
    bcrypt-ruby (3.0.1)
    i18n (0.6.5)
    minitest (4.7.5)
    multi_json (1.8.2)
    rails_lite (0.0.1)
    sqlite3 (1.3.8)
    thread_safe (0.1.3)
      atomic
    tzinfo (0.3.38)

PLATFORMS
  ruby

DEPENDENCIES
  active_record_lite
  activesupport
  bcrypt-ruby (~> 3.0.0)
  rails_lite
